GIT
  remote: git://github.com/rails/activerecord-session_store.git
  revision: 50e81319339d847a07a67eb32d77dbbbe4636317
  specs:
    activerecord-session_store (1.1.3)
      actionpack (>= 4.0)
      activerecord (>= 4.0)
      multi_json (~> 1.11, >= 1.11.2)
      rack (>= 1.5.2, < 3)
      railties (>= 4.0)

GEM
  remote: https://rubygems.org/
  specs:
    actionmailer (4.2.11.1)
      actionpack (= 4.2.11.1)
      actionview (= 4.2.11.1)
      activejob (= 4.2.11.1)
      mail (~> 2.5, >= 2.5.4)
      rails-dom-testing (~> 1.0, >= 1.0.5)
    actionpack (4.2.11.1)
      actionview (= 4.2.11.1)
      activesupport (= 4.2.11.1)
      rack (~> 1.6)
      rack-test (~> 0.6.2)
      rails-dom-testing (~> 1.0, >= 1.0.5)
      rails-html-sanitizer (~> 1.0, >= 1.0.2)
    actionview (4.2.11.1)
      activesupport (= 4.2.11.1)
      builder (~> 3.1)
      erubis (~> 2.7.0)
      rails-dom-testing (~> 1.0, >= 1.0.5)
      rails-html-sanitizer (~> 1.0, >= 1.0.3)
    activejob (4.2.11.1)
      activesupport (= 4.2.11.1)
      globalid (>= 0.3.0)
    activemodel (4.2.11.1)
      activesupport (= 4.2.11.1)
      builder (~> 3.1)
    activerecord (4.2.11.1)
      activemodel (= 4.2.11.1)
      activesupport (= 4.2.11.1)
      arel (~> 6.0)
    activesupport (4.2.11.1)
      i18n (~> 0.7)
      minitest (~> 5.1)
      thread_safe (~> 0.3, >= 0.3.4)
      tzinfo (~> 1.1)
    akami (1.3.1)
      gyoku (>= 0.4.0)
      nokogiri
    arel (6.0.4)
    barby (0.6.6)
    bcrypt (3.1.12)
    better_errors (2.5.1)
      coderay (>= 1.0.0)
      erubi (>= 1.0.0)
      rack (>= 0.9.0)
    binding_of_caller (0.8.0)
      debug_inspector (>= 0.0.1)
    bluecloth (2.2.0)
    builder (3.2.3)
    byebug (11.0.1)
    chunky_png (1.3.11)
    coderay (1.1.2)
    coffee-rails (4.1.1)
      coffee-script (>= 2.2.0)
      railties (>= 4.0.0, < 5.1.x)
    coffee-script (2.4.1)
      coffee-script-source
      execjs
    coffee-script-source (1.12.2)
    concurrent-ruby (1.1.5)
    connection_pool (2.2.2)
    crass (1.0.4)
    daemons (1.3.1)
    debug_inspector (0.0.3)
    devise (4.6.2)
      bcrypt (~> 3.0)
      orm_adapter (~> 0.1)
      railties (>= 4.1.0, < 6.0)
      responders
      warden (~> 1.2.3)
    domain_name (0.5.20180417)
      unf (>= 0.0.5, < 1.0.0)
    erubi (1.8.0)
    erubis (2.7.0)
    eventmachine (1.2.7)
    execjs (2.7.0)
    ffi (1.11.0)
    globalid (0.4.2)
      activesupport (>= 4.2.0)
    gyoku (1.3.1)
      builder (>= 2.1.2)
    htmlentities (4.3.4)
    http-cookie (1.0.3)
      domain_name (~> 0.5)
    httpi (2.4.4)
      rack
      socksify
    i18n (0.9.5)
      concurrent-ruby (~> 1.0)
    jbuilder (2.9.1)
      activesupport (>= 4.2.0)
    jquery-rails (4.3.3)
      rails-dom-testing (>= 1, < 3)
      railties (>= 4.2.0)
      thor (>= 0.14, < 2.0)
    jquery-ui-rails (5.0.5)
      railties (>= 3.2.16)
    json (1.8.6)
    loofah (2.2.3)
      crass (~> 1.0.2)
      nokogiri (>= 1.5.9)
    mail (2.7.1)
      mini_mime (>= 0.1.1)
    mechanize (2.7.6)
      domain_name (~> 0.5, >= 0.5.1)
      http-cookie (~> 1.0)
      mime-types (>= 1.17.2)
      net-http-digest_auth (~> 1.1, >= 1.1.1)
      net-http-persistent (>= 2.5.2)
      nokogiri (~> 1.6)
      ntlm-http (~> 0.1, >= 0.1.1)
      webrobots (>= 0.0.9, < 0.2)
    method_source (0.9.2)
    mime-types (3.2.2)
      mime-types-data (~> 3.2015)
    mime-types-data (3.2019.0331)
    mini_mime (1.0.1)
    mini_portile2 (2.4.0)
    minitest (5.11.3)
    multi_json (1.13.1)
    net-http-digest_auth (1.4.1)
    net-http-persistent (3.0.1)
      connection_pool (~> 2.2)
    nokogiri (1.10.3)
      mini_portile2 (~> 2.4.0)
    nori (2.6.0)
    ntlm-http (0.1.1)
    numbers_and_words (0.10.6)
      activesupport
      i18n
    orm_adapter (0.5.0)
    pdf-core (0.7.0)
    pg (0.18.4)
    pivot_table (1.0.0)
    prawn (2.2.2)
      pdf-core (~> 0.7.0)
      ttfunk (~> 1.5)
    prawn-qrcode (0.3.1)
      prawn (>= 1)
      rqrcode (>= 0.4.1)
    prawn-table (0.2.2)
      prawn (>= 1.3.0, < 3.0.0)
    prawnto (0.1.1)
      prawn
      rails (>= 2.1)
    protected_attributes (1.1.4)
      activemodel (>= 4.0.1, < 5.0)
    pry (0.12.2)
      coderay (~> 1.1.0)
      method_source (~> 0.9.0)
    rack (1.6.11)
    rack-test (0.6.3)
      rack (>= 1.0)
    rails (4.2.11.1)
      actionmailer (= 4.2.11.1)
      actionpack (= 4.2.11.1)
      actionview (= 4.2.11.1)
      activejob (= 4.2.11.1)
      activemodel (= 4.2.11.1)
      activerecord (= 4.2.11.1)
      activesupport (= 4.2.11.1)
      bundler (>= 1.3.0, < 2.0)
      railties (= 4.2.11.1)
      sprockets-rails
    rails-deprecated_sanitizer (1.0.3)
      activesupport (>= 4.2.0.alpha)
    rails-dom-testing (1.0.9)
      activesupport (>= 4.2.0, < 5.0)
      nokogiri (~> 1.6)
      rails-deprecated_sanitizer (>= 1.0.1)
    rails-html-sanitizer (1.0.4)
      loofah (~> 2.2, >= 2.2.2)
    rails_12factor (0.0.2)
      rails_serve_static_assets
      rails_stdout_logging
    rails_autolink (1.1.6)
      rails (> 3.1)
    rails_serve_static_assets (0.0.5)
    rails_stdout_logging (0.0.5)
    railties (4.2.11.1)
      actionpack (= 4.2.11.1)
      activesupport (= 4.2.11.1)
      rake (>= 0.8.7)
      thor (>= 0.18.1, < 2.0)
    rake (12.3.2)
    rb-fsevent (0.10.3)
    rb-inotify (0.10.0)
      ffi (~> 1.0)
    rdoc (4.3.0)
    responders (2.4.1)
      actionpack (>= 4.2.0, < 6.0)
      railties (>= 4.2.0, < 6.0)
    rmagick (2.16.0)
    rqrcode (0.10.1)
      chunky_png (~> 1.0)
    rubyzip (1.2.2)
    sass (3.7.4)
      sass-listen (~> 4.0.0)
    sass-listen (4.0.0)
      rb-fsevent (~> 0.9, >= 0.9.4)
      rb-inotify (~> 0.9, >= 0.9.7)
    sass-rails (5.0.7)
      railties (>= 4.0.0, < 6)
      sass (~> 3.1)
      sprockets (>= 2.8, < 4.0)
      sprockets-rails (>= 2.0, < 4.0)
      tilt (>= 1.1, < 3)
    savon (2.12.0)
      akami (~> 1.2)
      builder (>= 2.1.2)
      gyoku (~> 1.2)
      httpi (~> 2.3)
      nokogiri (>= 1.8.1)
      nori (~> 2.4)
      wasabi (~> 3.4)
    sdoc (0.4.2)
      json (~> 1.7, >= 1.7.7)
      rdoc (~> 4.0)
    simple_form (3.5.1)
      actionpack (> 4, < 5.2)
      activemodel (> 4, < 5.2)
    socksify (1.7.1)
    spring (2.0.2)
      activesupport (>= 4.2)
    sprockets (3.7.2)
      concurrent-ruby (~> 1.0)
      rack (> 1, < 3)
    sprockets-rails (3.2.1)
      actionpack (>= 4.0)
      activesupport (>= 4.0)
      sprockets (>= 3.0.0)
    sqlite3 (1.4.1)
    sunat_books (0.0.3)
      activesupport (> 4.1)
      i18n (~> 0.7)
      prawn (~> 2.0)
      prawn-table (~> 0.2)
    thin (1.7.2)
      daemons (~> 1.0, >= 1.0.9)
      eventmachine (~> 1.0, >= 1.0.4)
      rack (>= 1, < 3)
    thor (0.20.3)
    thread_safe (0.3.6)
    tilt (2.0.9)
    ttfunk (1.5.1)
    turbolinks (5.2.0)
      turbolinks-source (~> 5.2)
    turbolinks-source (5.2.0)
    tzinfo (1.2.5)
      thread_safe (~> 0.1)
    uglifier (4.1.20)
      execjs (>= 0.3.0, < 3)
    unf (0.1.4)
      unf_ext
    unf_ext (0.0.7.6)
    warden (1.2.7)
      rack (>= 1.0)
    wasabi (3.5.0)
      httpi (~> 2.0)
      nokogiri (>= 1.4.2)
    web-console (2.3.0)
      activemodel (>= 4.0)
      binding_of_caller (>= 0.7.2)
      railties (>= 4.0)
      sprockets-rails (>= 2.0, < 4.0)
    webrobots (0.1.2)
    wicked_pdf (1.2.2)
      activesupport
    will_paginate (3.1.7)
    wkhtmltopdf-binary (0.12.4)

PLATFORMS
  ruby

DEPENDENCIES
  activerecord-session_store!
  barby (~> 0.6.6)
  better_errors (~> 2.5, >= 2.5.1)
  binding_of_caller (~> 0.8.0)
  bluecloth
  byebug
  coffee-rails (~> 4.1.0)
  devise (~> 4.1, >= 4.1.1)
  htmlentities
  jbuilder (~> 2.0)
  jquery-rails (~> 4.2, >= 4.2.1)
  jquery-ui-rails (~> 5.0, >= 5.0.5)
  mechanize
  numbers_and_words (~> 0.10.5)
  pg (~> 0.18.4)
  pivot_table
  prawn
  prawn-qrcode
  prawn-table
  prawnto
  protected_attributes
  pry
  rails_12factor (= 0.0.2)
  rails_autolink (~> 1.1, >= 1.1.6)
  rails_serve_static_assets
  responders (~> 2.0)
  rmagick (~> 2.15, >= 2.15.4)
  rqrcode (~> 0.10.1)
  rubyzip
  sass-rails (>= 3.2)
  savon (~> 2.11, >= 2.11.1)
  sdoc (~> 0.4.0)
  simple_form (~> 3.3, >= 3.3.1)
  spring
  sprockets (~> 3.7)
  sqlite3
  sunat_books
  thin
  turbolinks
  uglifier (>= 1.3.0)
  web-console (~> 2.0)
  wicked_pdf
  will_paginate
  wkhtmltopdf-binary

BUNDLED WITH
   1.17.2
